GEM
  remote: https://rubygems.org/
  specs:
    jwt (1.5.4)
    oj (2.15.1)
    redis (3.3.0)
    rack-protection (1.5.3)
      rack
    sinatra (1.4.7)
      rack (~> 1.5)
      rack-protection (~> 1.4)
      tilt (>= 1.3, < 3)
    tilt (2.0.5)

PLATFORMS
  ruby

DEPENDENCIES
  jwt
  oj
  redis
  sinatra

BUNDLED WITH
   1.12.5
