GEM
  remote: https://rubygems.org/
  specs:
    jwt (1.5.4)
    oj (2.15.1)

PLATFORMS
  ruby

DEPENDENCIES
  jwt
  oj

BUNDLED WITH
   1.12.5
