GEM
  remote: https://rubygems.org/
  specs:
    jwt (1.5.4)
    oj (2.15.1)
    redis (3.3.0)

PLATFORMS
  ruby

DEPENDENCIES
  jwt
  oj
  redis

BUNDLED WITH
   1.12.5
