GEM
  specs:
    oj (2.15.1)

PLATFORMS
  ruby

DEPENDENCIES
  oj

BUNDLED WITH
   1.12.5
